GEM
  remote: http://gems.github.com/
  remote: http://gemcutter.org/
  remote: http://rubygems.org/
  specs:
    eventmachine (1.0.0.beta.4)
    eventmachine (1.0.0.beta.4-java)
    ffi (1.1.5)
    ffi (1.1.5-java)
    ffi-rzmq (0.9.3)
      ffi
    json (1.7.5)
    json (1.7.5-java)
    multi_json (1.3.6)
    zmqmachine (0.7.1)
      ffi-rzmq (>= 0.9.2)

PLATFORMS
  java

DEPENDENCIES
  eventmachine
  ffi-rzmq
  json
  multi_json
  zmqmachine
