GEM
  remote: http://gems.github.com/
  remote: http://gemcutter.org/
  remote: http://rubygems.org/
  specs:
    em-zeromq (0.3.1)
      eventmachine (= 1.0.0.beta.4)
      ffi (>= 1.0.0)
      ffi-rzmq (= 0.9.3)
    eventmachine (1.0.0.beta.4-java)
    ffi (1.1.5-java)
    ffi-rzmq (0.9.3)
      ffi
    json (1.7.5-java)
    multi_json (1.3.6)

PLATFORMS
  java

DEPENDENCIES
  em-zeromq
  json
  multi_json
