GEM
  remote: http://rubygems.org/
  specs:
    em-zeromq (0.2.2)
      eventmachine (>= 1.0.0.beta.4)
      ffi (>= 1.0.0)
      ffi-rzmq (~> 0.9.0)
    eventmachine (1.0.0)
    eventmachine (1.0.0-java)
    ffi (1.1.5-java)
    ffi-rzmq (0.9.6)
      ffi
    json (1.7.5)
    json (1.7.5-java)
    multi_json (1.3.6)

PLATFORMS
  java

DEPENDENCIES
  em-zeromq
  eventmachine (= 1.0.0)
  json
  multi_json
